GEM
  remote: https://rubygems.org/
  specs:
    coderay (1.1.0)
    haml (4.0.5)
      tilt
    hike (1.2.3)
    json (1.8.1)
    method_source (0.8.2)
    multi_json (1.10.1)
    opal (0.6.2)
      source_map
      sprockets
    pry (0.10.1)
      coderay (~> 1.1.0)
      method_source (~> 0.8.1)
      slop (~> 3.4)
    rack (1.5.2)
    rack-protection (1.5.3)
      rack
    sinatra (1.4.5)
      rack (~> 1.4)
      rack-protection (~> 1.4)
      tilt (~> 1.3, >= 1.3.4)
    slop (3.6.0)
    source_map (3.0.1)
      json
    sprockets (2.12.0)
      hike (~> 1.2)
      multi_json (~> 1.0)
      rack (~> 1.0)
      tilt (~> 1.1, != 1.3.0)
    tilt (1.4.1)

PLATFORMS
  ruby

DEPENDENCIES
  haml
  opal
  pry
  sinatra
